GIT
  remote: git://github.com/monkbroc/tty-prompt.git
  revision: 797f5feae915cb523ae31afcf44a1e3558ac15f3
  specs:
    tty-prompt (0.11.0)
      necromancer (~> 0.4.0)
      pastel (~> 0.7.0)
      tty-cursor (~> 0.4.0)
      wisper (~> 1.6.1)

GEM
  remote: https://rubygems.org/
  specs:
    aruba (0.14.2)
      childprocess (~> 0.5.6)
      contracts (~> 0.9)
      cucumber (>= 1.3.19)
      ffi (~> 1.9.10)
      rspec-expectations (>= 2.99)
      thor (~> 0.19)
    builder (3.2.3)
    childprocess (0.5.9)
      ffi (~> 1.0, >= 1.0.11)
    color (1.8)
    contracts (0.15.0)
    cucumber (2.4.0)
      builder (>= 2.1.2)
      cucumber-core (~> 1.5.0)
      cucumber-wire (~> 0.0.1)
      diff-lcs (>= 1.1.3)
      gherkin (~> 4.0)
      multi_json (>= 1.7.5, < 2.0)
      multi_test (>= 0.1.2)
    cucumber-core (1.5.0)
      gherkin (~> 4.0)
    cucumber-wire (0.0.1)
    diff-lcs (1.3)
    dotenv (2.2.0)
    equatable (0.5.0)
    faraday (0.9.2)
      multipart-post (>= 1.2, < 3)
    faraday_middleware (0.11.0.1)
      faraday (>= 0.7.4, < 1.0)
    ffi (1.9.17)
    gherkin (4.0.0)
    multi_json (1.12.1)
    multi_test (0.1.2)
    multipart-post (2.0.0)
    necromancer (0.4.0)
    particlerb (1.3.1)
      faraday (~> 0.9.0)
      faraday_middleware (>= 0.9.0)
    pastel (0.7.1)
      equatable (~> 0.5.0)
      tty-color (~> 0.4.0)
    rspec (3.5.0)
      rspec-core (~> 3.5.0)
      rspec-expectations (~> 3.5.0)
      rspec-mocks (~> 3.5.0)
    rspec-core (3.5.4)
      rspec-support (~> 3.5.0)
    rspec-expectations (3.5.0)
      diff-lcs (>= 1.2.0, < 2.0)
      rspec-support (~> 3.5.0)
    rspec-mocks (3.5.0)
      diff-lcs (>= 1.2.0, < 2.0)
      rspec-support (~> 3.5.0)
    rspec-support (3.5.0)
    thor (0.19.4)
    tty-color (0.4.2)
    tty-cursor (0.4.0)
    tty-spinner (0.4.1)
    vcr (3.0.3)
    wisper (1.6.1)

PLATFORMS
  ruby

DEPENDENCIES
  aruba (~> 0.14.2)
  color (~> 1.8)
  dotenv (~> 2.2.0)
  particlerb (~> 1.3.1)
  rspec (~> 3.5.0)
  thor (~> 0.19.4)
  tty-prompt (~> 0.11.0)!
  tty-spinner (~> 0.4.1)
  vcr (~> 3.0.3)

BUNDLED WITH
   1.10.6
